GIT
  remote: https://github.com/AlSerP/steam-api.git
  revision: b0b86e60c80fd7584775cabb22e0ebd66f94a8ad
  specs:
    steam-api (0.1.0)

GIT
  remote: https://github.com/atipugin/telegram-bot-ruby.git
  revision: 64704efdce7f8ad3e294c6a41ea1772d9d995979
  specs:
    telegram-bot-ruby (2.0.0)
      dry-struct (~> 1.6)
      faraday (~> 2.0)
      faraday-multipart (~> 1.0)
      zeitwerk (~> 2.6)

GEM
  remote: https://rubygems.org/
  specs:
    bigdecimal (3.1.7)
    concurrent-ruby (1.2.3)
    dry-core (1.0.1)
      concurrent-ruby (~> 1.0)
      zeitwerk (~> 2.6)
    dry-inflector (1.0.0)
    dry-logic (1.5.0)
      concurrent-ruby (~> 1.0)
      dry-core (~> 1.0, < 2)
      zeitwerk (~> 2.6)
    dry-struct (1.6.0)
      dry-core (~> 1.0, < 2)
      dry-types (>= 1.7, < 2)
      ice_nine (~> 0.11)
      zeitwerk (~> 2.6)
    dry-types (1.7.2)
      bigdecimal (~> 3.0)
      concurrent-ruby (~> 1.0)
      dry-core (~> 1.0)
      dry-inflector (~> 1.0)
      dry-logic (~> 1.4)
      zeitwerk (~> 2.6)
    faraday (2.9.0)
      faraday-net_http (>= 2.0, < 3.2)
    faraday-multipart (1.0.4)
      multipart-post (~> 2)
    faraday-net_http (3.1.0)
      net-http
    ice_nine (0.11.2)
    multipart-post (2.4.0)
    net-http (0.4.1)
      uri
    uri (0.13.0)
    zeitwerk (2.6.13)

PLATFORMS
  x64-mingw-ucrt
  x86_64-linux

DEPENDENCIES
  faraday-multipart (~> 1.0)
  steam-api!
  telegram-bot-ruby (>= 1.0)!

BUNDLED WITH
   2.5.6
